GEM
  remote: https://rubygems.org/
  specs:
    activemodel (3.2.12)
      activesupport (= 3.2.12)
      builder (~> 3.0.0)
    activesupport (3.2.12)
      i18n (~> 0.6)
      multi_json (~> 1.0)
    babosa (0.3.9)
    beefcake (0.3.7)
    bson (1.8.3)
    builder (3.0.4)
    curator (0.9.0)
      activemodel (>= 3.0.0)
      activesupport (>= 3.0.0)
      json
      riak-client (>= 1.0.0)
    diff-lcs (1.1.3)
    gherkin (2.11.5)
      json (>= 1.4.6)
    i18n (0.6.4)
    innertube (1.0.2)
    json (1.7.6)
    mime-types (1.19)
    mongo (1.8.3)
      bson (~> 1.8.3)
    multi_json (1.7.2)
    rake (10.0.3)
    rest-client (1.6.7)
      mime-types (>= 1.16)
    riak-client (1.1.1)
      beefcake (~> 0.3.7)
      builder (>= 2.1.2)
      i18n (>= 0.4.0)
      innertube (~> 1.0.2)
      multi_json (~> 1.0)
    rspec (2.12.0)
      rspec-core (~> 2.12.0)
      rspec-expectations (~> 2.12.0)
      rspec-mocks (~> 2.12.0)
    rspec-core (2.12.2)
    rspec-expectations (2.12.1)
      diff-lcs (~> 1.1.3)
    rspec-mocks (2.12.2)
    turnip (1.1.0)
      gherkin (>= 2.5)
      rspec (~> 2.0)

PLATFORMS
  ruby

DEPENDENCIES
  babosa
  curator
  json
  mongo
  rake
  rest-client
  rspec
  turnip
