GIT
  remote: git://github.com/jamesottaway/curator.git
  revision: ed8f7662d5b630c64d9082fc7262957a2dc8aa1c
  branch: mongo_env_auth
  specs:
    curator (0.9.0)
      activemodel (>= 3.0.0)
      activesupport (>= 3.0.0)
      json
      riak-client (>= 1.0.0)

GEM
  remote: https://rubygems.org/
  specs:
    activemodel (3.2.12)
      activesupport (= 3.2.12)
      builder (~> 3.0.0)
    activesupport (3.2.12)
      i18n (~> 0.6)
      multi_json (~> 1.0)
    babosa (0.3.9)
    backports (2.6.7)
    beefcake (0.3.7)
    bson (1.8.3)
    builder (3.0.4)
    coderay (1.0.9)
    descendants_tracker (0.0.1)
    diff-lcs (1.1.3)
    gherkin (2.11.5)
      json (>= 1.4.6)
    grape (0.4.0)
      activesupport
      builder
      hashie (>= 1.2.0)
      multi_json (>= 1.3.2)
      multi_xml (>= 0.5.2)
      rack (>= 1.3.0)
      rack-accept
      rack-mount
      virtus
    hashie (2.0.3)
    hashr (0.0.22)
    i18n (0.6.4)
    innertube (1.0.2)
    json (1.7.6)
    method_source (0.8.1)
    mime-types (1.19)
    mongo (1.8.3)
      bson (~> 1.8.3)
    multi_json (1.7.2)
    multi_xml (0.5.3)
    pry (0.9.12)
      coderay (~> 1.0.5)
      method_source (~> 0.8)
      slop (~> 3.4)
    rack (1.5.2)
    rack-accept (0.4.5)
      rack (>= 0.4)
    rack-mount (0.8.3)
      rack (>= 1.0.0)
    rack-test (0.6.2)
      rack (>= 1.0)
    rake (10.0.3)
    rest-client (1.6.7)
      mime-types (>= 1.16)
    riak-client (1.1.1)
      beefcake (~> 0.3.7)
      builder (>= 2.1.2)
      i18n (>= 0.4.0)
      innertube (~> 1.0.2)
      multi_json (~> 1.0)
    rspec (2.12.0)
      rspec-core (~> 2.12.0)
      rspec-expectations (~> 2.12.0)
      rspec-mocks (~> 2.12.0)
    rspec-core (2.12.2)
    rspec-expectations (2.12.1)
      diff-lcs (~> 1.1.3)
    rspec-mocks (2.12.2)
    slop (3.4.4)
    travis-lint (1.6.0)
      hashr (~> 0.0.22)
    turnip (1.1.0)
      gherkin (>= 2.5)
      rspec (~> 2.0)
    virtus (0.5.4)
      backports (~> 2.6.1)
      descendants_tracker (~> 0.0.1)

PLATFORMS
  ruby

DEPENDENCIES
  babosa
  curator!
  grape
  json
  mongo
  pry
  rack-test
  rake
  rest-client
  rspec
  travis-lint
  turnip
